PATH
  remote: .
  specs:
    chore (1.5.1)
      aws-sdk (~> 1.12, >= 1.12.0)
      json
      thread (~> 0.1.3)

GEM
  remote: http://rubygems.org/
  specs:
    aws-sdk (1.52.0)
      aws-sdk-v1 (= 1.52.0)
    aws-sdk-v1 (1.52.0)
      json (~> 1.4)
      nokogiri (>= 1.4.4)
    builder (3.2.2)
    celluloid (0.15.2)
      timers (~> 1.1.0)
    ci_reporter (1.9.2)
      builder (>= 2.1.2)
    coderay (1.1.0)
    dalli (2.7.2)
    diff-lcs (1.1.3)
    ffi (1.9.3)
    formatador (0.2.5)
    guard (2.6.1)
      formatador (>= 0.2.4)
      listen (~> 2.7)
      lumberjack (~> 1.0)
      pry (>= 0.9.12)
      thor (>= 0.18.1)
    guard-rspec (2.5.4)
      guard (>= 1.1)
      rspec (~> 2.11)
    json (1.8.1)
    listen (2.7.9)
      celluloid (>= 0.15.2)
      rb-fsevent (>= 0.9.3)
      rb-inotify (>= 0.9)
    lumberjack (1.0.9)
    method_source (0.8.2)
    mini_portile (0.6.0)
    nokogiri (1.6.3.1)
      mini_portile (= 0.6.0)
    pry (0.10.0)
      coderay (~> 1.1.0)
      method_source (~> 0.8.1)
      slop (~> 3.4)
    rake (10.3.2)
    rb-fsevent (0.9.4)
    rb-inotify (0.9.5)
      ffi (>= 0.5.0)
    rdoc (3.12.2)
      json (~> 1.4)
    redcarpet (3.1.2)
    rspec (2.12.0)
      rspec-core (~> 2.12.0)
      rspec-expectations (~> 2.12.0)
      rspec-mocks (~> 2.12.0)
    rspec-core (2.12.2)
    rspec-expectations (2.12.1)
      diff-lcs (~> 1.1.3)
    rspec-mocks (2.12.2)
    slop (3.6.0)
    thor (0.19.1)
    thread (0.1.4)
    timecop (0.7.1)
    timers (1.1.0)
    yard (0.8.7.4)

PLATFORMS
  ruby

DEPENDENCIES
  bundler
  chore!
  ci_reporter (~> 1.9.0)
  dalli
  guard-rspec
  rake (~> 10.0)
  rb-fsevent (~> 0.9.1)
  rdoc (~> 3.12)
  redcarpet
  rspec (~> 2.12.0)
  timecop
  yard
