GIT
  remote: git@github.com:Tapjoy/watcher-client.git
  revision: b4fdac4f5fc39c79894293d55f75050495d40bca
  specs:
    watcher-client (0.1.0)
      worqer (~> 0.4.0)

GIT
  remote: git@github.com:Tapjoy/worqer.git
  revision: 4bf869305c9aa3fc6e4bd0e2d538535d7dcc57ee
  specs:
    worqer (0.4.4)
      amqp (~> 0.9)
      connection_pool (~> 0.9.0)
      em-synchrony (~> 1.0.0)
      eventmachine
      multi_json (~> 1.0)
      rack-fiber_pool
      ruby-uuid (~> 0.0.1)

PATH
  remote: .
  specs:
    chore (0.0.0)
      aws-sdk
      json
      rack
      zk

GEM
  remote: http://rubygems.org/
  specs:
    airbrake (3.1.6)
      builder
      girl_friday
    amq-client (0.9.12)
      amq-protocol (>= 1.2.0)
      eventmachine
    amq-protocol (1.2.0)
    amqp (0.9.10)
      amq-client (~> 0.9.12)
      amq-protocol (~> 1.2.0)
      eventmachine
    aws-sdk (1.7.1)
      httparty (~> 0.7)
      json (~> 1.4)
      nokogiri (>= 1.4.4)
      uuidtools (~> 2.1)
    builder (3.1.4)
    coderay (1.0.8)
    connection_pool (0.9.3)
    dalli (2.6.2)
    diff-lcs (1.1.3)
    em-synchrony (1.0.3)
      eventmachine (>= 1.0.0.beta.1)
    eventmachine (1.0.3)
    girl_friday (0.10.0)
      connection_pool (~> 0.9.0)
    guard (1.6.2)
      listen (>= 0.6.0)
      lumberjack (>= 1.0.2)
      pry (>= 0.9.10)
      terminal-table (>= 1.4.3)
      thor (>= 0.14.6)
    guard-rspec (2.4.0)
      guard (>= 1.1)
      rspec (~> 2.11)
    httparty (0.9.0)
      multi_json (~> 1.0)
      multi_xml
    json (1.7.6)
    listen (0.7.2)
    little-plugger (1.1.3)
    logging (1.7.2)
      little-plugger (>= 1.1.3)
    lumberjack (1.0.2)
    method_source (0.8.1)
    multi_json (1.5.0)
    multi_xml (0.5.1)
    nokogiri (1.5.5)
    pry (0.9.11.4)
      coderay (~> 1.0.5)
      method_source (~> 0.8)
      slop (~> 3.4)
    rack (1.4.3)
    rack-fiber_pool (0.9.2)
    rake (10.0.3)
    rb-fsevent (0.9.3)
    rdoc (3.12)
      json (~> 1.4)
    rspec (2.12.0)
      rspec-core (~> 2.12.0)
      rspec-expectations (~> 2.12.0)
      rspec-mocks (~> 2.12.0)
    rspec-core (2.12.2)
    rspec-expectations (2.12.1)
      diff-lcs (~> 1.1.3)
    rspec-mocks (2.12.0)
    ruby-uuid (0.0.1)
    slop (3.4.3)
    statsd-ruby (1.0.0)
    terminal-table (1.4.5)
    thor (0.17.0)
    uuidtools (2.1.3)
    zk (1.7.5)
      logging (~> 1.7.2)
      zookeeper (~> 1.4.0)
    zookeeper (1.4.2)

PLATFORMS
  ruby

DEPENDENCIES
  airbrake
  aws-sdk
  bundler
  chore!
  dalli
  guard-rspec
  json
  rack
  rake (~> 10.0)
  rb-fsevent (~> 0.9.1)
  rdoc (~> 3.12)
  rspec (~> 2.12.0)
  statsd-ruby (~> 1.0.0)
  watcher-client!
  worqer!
  zk
